GEM
  remote: https://rubygems.org/
  specs:
    dotenv (2.8.1)

PLATFORMS
  x64-mingw-ucrt

DEPENDENCIES
  dotenv

BUNDLED WITH
   2.4.10
